STORAGE: NONE
RESTRICTION: || (== net6.0) (== netstandard2.0)
NUGET
  remote: https://api.nuget.org/v3/index.json
    Fable.Browser.Blob (1.3)
      Fable.Core (>= 3.0)
      FSharp.Core (>= 4.7.2)
    Fable.Browser.Dom (2.16)
      Fable.Browser.Blob (>= 1.3)
      Fable.Browser.Event (>= 1.5)
      Fable.Browser.WebStorage (>= 1.2)
      Fable.Core (>= 3.2.8)
      FSharp.Core (>= 4.7.2)
    Fable.Browser.Event (1.5)
      Fable.Browser.Gamepad (>= 1.1)
      Fable.Core (>= 3.0)
      FSharp.Core (>= 4.7.2)
    Fable.Browser.Gamepad (1.2)
      Fable.Core (>= 3.0)
      FSharp.Core (>= 4.7.2)
    Fable.Browser.WebStorage (1.2)
      Fable.Browser.Event (>= 1.5)
      Fable.Core (>= 3.0)
      FSharp.Core (>= 4.7.2)
    Fable.Core (4.3)
    Fable.Node (1.2)
      Fable.Core (>= 3.1.2)
      FSharp.Core (>= 5.0)
    Fable.Promise (3.2)
      Fable.Core (>= 3.7.1)
      FSharp.Core (>= 4.7.2)
    Fable.Remoting.AspNetCore (2.38)
      Fable.Remoting.Server (>= 5.37)
      FSharp.Core (>= 6.0)
      Microsoft.AspNetCore.Http.Abstractions (>= 2.2)
      Microsoft.IO.RecyclableMemoryStream (>= 3.0 < 4.0)
    Fable.Remoting.Json (2.23)
      FSharp.Core (>= 6.0)
      Newtonsoft.Json (>= 12.0.2)
    Fable.Remoting.MsgPack (1.24)
      FSharp.Core (>= 4.7.2)
    Fable.Remoting.Server (5.37)
      Fable.Remoting.Json (>= 2.23)
      Fable.Remoting.MsgPack (>= 1.24)
      FSharp.Core (>= 6.0)
      Microsoft.IO.RecyclableMemoryStream (>= 3.0 < 4.0)
    FSharp.Core (8.0.101)
    FsUnit (6.0)
      FSharp.Core (>= 5.0.2)
      NUnit (>= 4.0.1)
    Microsoft.AspNetCore.Http.Abstractions (2.2)
      Microsoft.AspNetCore.Http.Features (>= 2.2)
      System.Text.Encodings.Web (>= 4.5)
    Microsoft.AspNetCore.Http.Features (5.0.17)
      Microsoft.Extensions.Primitives (>= 5.0.1)
      System.IO.Pipelines (>= 5.0.2)
    Microsoft.CodeCoverage (17.9) - restriction: || (== net6.0) (&& (== netstandard2.0) (>= net462)) (&& (== netstandard2.0) (>= netcoreapp3.1))
    Microsoft.Extensions.Primitives (8.0)
      System.Memory (>= 4.5.5) - restriction: || (&& (== net6.0) (>= net462)) (== netstandard2.0)
      System.Runtime.CompilerServices.Unsafe (>= 6.0)
    Microsoft.IO.RecyclableMemoryStream (3.0)
      System.Memory (>= 4.5.5) - restriction: || (&& (== net6.0) (< netstandard2.1)) (== netstandard2.0)
    Microsoft.NET.Test.Sdk (17.9)
      Microsoft.CodeCoverage (>= 17.9) - restriction: || (== net6.0) (&& (== netstandard2.0) (>= net462)) (&& (== netstandard2.0) (>= netcoreapp3.1))
      Microsoft.TestPlatform.TestHost (>= 17.9) - restriction: || (== net6.0) (&& (== netstandard2.0) (>= netcoreapp3.1))
    Microsoft.TestPlatform.ObjectModel (17.9) - restriction: || (== net6.0) (&& (== netstandard2.0) (>= netcoreapp3.1))
      System.Reflection.Metadata (>= 1.6)
    Microsoft.TestPlatform.TestHost (17.9) - restriction: || (== net6.0) (&& (== netstandard2.0) (>= netcoreapp3.1))
      Microsoft.TestPlatform.ObjectModel (>= 17.9) - restriction: || (== net6.0) (&& (== netstandard2.0) (>= netcoreapp3.1))
      Newtonsoft.Json (>= 13.0.1) - restriction: || (== net6.0) (&& (== netstandard2.0) (>= netcoreapp3.1))
    Newtonsoft.Json (13.0.3)
    NUnit (4.0.1)
    NUnit3TestAdapter (4.5)
    System.Buffers (4.5.1) - restriction: == netstandard2.0
    System.Collections.Immutable (8.0) - restriction: || (== net6.0) (&& (== netstandard2.0) (>= netcoreapp3.1))
      System.Runtime.CompilerServices.Unsafe (>= 6.0)
    System.IO.Packaging (8.0)
      System.Memory (>= 4.5.5) - restriction: == netstandard2.0
    System.IO.Pipelines (8.0)
      System.Buffers (>= 4.5.1) - restriction: || (&& (== net6.0) (>= net462)) (== netstandard2.0)
      System.Memory (>= 4.5.5) - restriction: || (&& (== net6.0) (>= net462)) (== netstandard2.0)
      System.Threading.Tasks.Extensions (>= 4.5.4) - restriction: || (&& (== net6.0) (>= net462)) (== netstandard2.0)
    System.Memory (4.5.5) - restriction: == netstandard2.0
      System.Buffers (>= 4.5.1) - restriction: || (&& (== net6.0) (>= monotouch)) (&& (== net6.0) (>= net461)) (&& (== net6.0) (< netcoreapp2.0)) (&& (== net6.0) (< netstandard1.1)) (&& (== net6.0) (< netstandard2.0)) (&& (== net6.0) (>= xamarinios)) (&& (== net6.0) (>= xamarinmac)) (&& (== net6.0) (>= xamarintvos)) (&& (== net6.0) (>= xamarinwatchos)) (== netstandard2.0)
      System.Numerics.Vectors (>= 4.4) - restriction: || (&& (== net6.0) (< netcoreapp2.0)) (== netstandard2.0)
      System.Runtime.CompilerServices.Unsafe (>= 4.5.3) - restriction: || (&& (== net6.0) (>= monotouch)) (&& (== net6.0) (>= net461)) (&& (== net6.0) (< netcoreapp2.0)) (&& (== net6.0) (< netcoreapp2.1)) (&& (== net6.0) (< netstandard1.1)) (&& (== net6.0) (< netstandard2.0)) (&& (== net6.0) (>= uap10.1)) (&& (== net6.0) (>= xamarinios)) (&& (== net6.0) (>= xamarinmac)) (&& (== net6.0) (>= xamarintvos)) (&& (== net6.0) (>= xamarinwatchos)) (== netstandard2.0)
    System.Numerics.Vectors (4.5) - restriction: == netstandard2.0
    System.Reflection.Metadata (8.0) - restriction: || (== net6.0) (&& (== netstandard2.0) (>= netcoreapp3.1))
      System.Collections.Immutable (>= 8.0)
    System.Runtime.CompilerServices.Unsafe (6.0)
    System.Text.Encodings.Web (8.0)
      System.Buffers (>= 4.5.1) - restriction: || (&& (== net6.0) (>= net462)) (== netstandard2.0)
      System.Memory (>= 4.5.5) - restriction: || (&& (== net6.0) (>= net462)) (== netstandard2.0)
      System.Runtime.CompilerServices.Unsafe (>= 6.0)
    System.Threading.Tasks.Extensions (4.5.4) - restriction: || (&& (== net6.0) (>= net462)) (== netstandard2.0)
      System.Runtime.CompilerServices.Unsafe (>= 4.5.3) - restriction: || (&& (== net6.0) (>= net461)) (&& (== net6.0) (< netcoreapp2.1)) (&& (== net6.0) (< netstandard1.0)) (&& (== net6.0) (< netstandard2.0)) (&& (== net6.0) (>= wp8)) (== netstandard2.0)
GITHUB
  remote: ionide/ionide-vscode-helpers
    src/Fable.Import.VSCode.fs (8e81bc03f11f07b8e0811b3d4598eadc78f32f2f)
    src/Helpers.fs (8e81bc03f11f07b8e0811b3d4598eadc78f32f2f)
GROUP build
STORAGE: NONE
RESTRICTION: == net6.0
NUGET
  remote: https://api.nuget.org/v3/index.json
    BlackFox.VsWhere (1.1)
      FSharp.Core (>= 4.2.3)
      Microsoft.Win32.Registry (>= 4.7)
    Fake.Api.GitHub (6.0)
      FSharp.Core (>= 6.0.3)
      Octokit (>= 0.50)
    Fake.Core.CommandLineParsing (6.0)
      FParsec (>= 1.1.1)
      FSharp.Core (>= 6.0.3)
    Fake.Core.Context (6.0)
      FSharp.Core (>= 6.0.3)
    Fake.Core.Environment (6.0)
      FSharp.Core (>= 6.0.3)
    Fake.Core.FakeVar (6.0)
      Fake.Core.Context (>= 6.0)
      FSharp.Core (>= 6.0.3)
    Fake.Core.Process (6.0)
      Fake.Core.Environment (>= 6.0)
      Fake.Core.FakeVar (>= 6.0)
      Fake.Core.String (>= 6.0)
      Fake.Core.Trace (>= 6.0)
      Fake.IO.FileSystem (>= 6.0)
      FSharp.Core (>= 6.0.3)
      System.Collections.Immutable (>= 6.0)
    Fake.Core.ReleaseNotes (6.0)
      Fake.Core.SemVer (>= 6.0)
      Fake.Core.String (>= 6.0)
      FSharp.Core (>= 6.0.3)
    Fake.Core.SemVer (6.0)
      FSharp.Core (>= 6.0.3)
    Fake.Core.String (6.0)
      FSharp.Core (>= 6.0.3)
    Fake.Core.Target (6.0)
      Fake.Core.CommandLineParsing (>= 6.0)
      Fake.Core.Context (>= 6.0)
      Fake.Core.Environment (>= 6.0)
      Fake.Core.FakeVar (>= 6.0)
      Fake.Core.Process (>= 6.0)
      Fake.Core.String (>= 6.0)
      Fake.Core.Trace (>= 6.0)
      FSharp.Control.Reactive (>= 5.0.2)
      FSharp.Core (>= 6.0.3)
    Fake.Core.Tasks (6.0)
      Fake.Core.Trace (>= 6.0)
      FSharp.Core (>= 6.0.3)
    Fake.Core.Trace (6.0)
      Fake.Core.Environment (>= 6.0)
      Fake.Core.FakeVar (>= 6.0)
      FSharp.Core (>= 6.0.3)
    Fake.Core.UserInput (6.0)
      FSharp.Core (>= 6.0.3)
    Fake.Core.Xml (6.0)
      Fake.Core.String (>= 6.0)
      FSharp.Core (>= 6.0.3)
    Fake.DotNet.AssemblyInfoFile (6.0)
      Fake.Core.Environment (>= 6.0)
      Fake.Core.String (>= 6.0)
      Fake.Core.Trace (>= 6.0)
      Fake.IO.FileSystem (>= 6.0)
      FSharp.Core (>= 6.0.3)
    Fake.DotNet.Cli (6.0)
      Fake.Core.Environment (>= 6.0)
      Fake.Core.Process (>= 6.0)
      Fake.Core.String (>= 6.0)
      Fake.Core.Trace (>= 6.0)
      Fake.DotNet.MsBuild (>= 6.0)
      Fake.DotNet.NuGet (>= 6.0)
      Fake.IO.FileSystem (>= 6.0)
      FSharp.Core (>= 6.0.3)
      Mono.Posix.NETStandard (>= 1.0)
      Newtonsoft.Json (>= 13.0.1)
    Fake.DotNet.MsBuild (6.0)
      BlackFox.VsWhere (>= 1.1)
      Fake.Core.Environment (>= 6.0)
      Fake.Core.Process (>= 6.0)
      Fake.Core.String (>= 6.0)
      Fake.Core.Trace (>= 6.0)
      Fake.IO.FileSystem (>= 6.0)
      FSharp.Core (>= 6.0.3)
      MSBuild.StructuredLogger (>= 2.1.545)
    Fake.DotNet.NuGet (6.0)
      Fake.Core.Environment (>= 6.0)
      Fake.Core.Process (>= 6.0)
      Fake.Core.SemVer (>= 6.0)
      Fake.Core.String (>= 6.0)
      Fake.Core.Tasks (>= 6.0)
      Fake.Core.Trace (>= 6.0)
      Fake.Core.Xml (>= 6.0)
      Fake.IO.FileSystem (>= 6.0)
      Fake.Net.Http (>= 6.0)
      FSharp.Core (>= 6.0.3)
      Newtonsoft.Json (>= 13.0.1)
      NuGet.Protocol (>= 6.0)
    Fake.DotNet.Paket (6.0)
      Fake.Core.Process (>= 6.0)
      Fake.Core.String (>= 6.0)
      Fake.Core.Trace (>= 6.0)
      Fake.DotNet.Cli (>= 6.0)
      Fake.IO.FileSystem (>= 6.0)
      FSharp.Core (>= 6.0.3)
    Fake.IO.FileSystem (6.0)
      Fake.Core.String (>= 6.0)
      Fake.Core.Trace (>= 6.0)
      FSharp.Core (>= 6.0.3)
    Fake.IO.Zip (6.0)
      Fake.Core.String (>= 6.0)
      Fake.IO.FileSystem (>= 6.0)
      FSharp.Core (>= 6.0.3)
    Fake.JavaScript.Yarn (6.0)
      Fake.Core.Process (>= 6.0)
      FSharp.Core (>= 6.0.3)
    Fake.Net.Http (6.0)
      Fake.Core.Trace (>= 6.0)
      FSharp.Core (>= 6.0.3)
    Fake.Tools.Git (6.0)
      Fake.Core.Environment (>= 6.0)
      Fake.Core.Process (>= 6.0)
      Fake.Core.SemVer (>= 6.0)
      Fake.Core.String (>= 6.0)
      Fake.Core.Trace (>= 6.0)
      Fake.IO.FileSystem (>= 6.0)
      FSharp.Core (>= 6.0.3)
    FParsec (1.1.1)
      FSharp.Core (>= 4.3.4)
    FSharp.Control.Reactive (5.0.5)
      FSharp.Core (>= 4.7.2)
      System.Reactive (>= 5.0 < 6.0)
    FSharp.Core (8.0.101)
    Microsoft.Build.Framework (17.8.3)
      Microsoft.Win32.Registry (>= 5.0)
      System.Memory (>= 4.5.5)
      System.Runtime.CompilerServices.Unsafe (>= 6.0)
      System.Security.Principal.Windows (>= 5.0)
    Microsoft.Build.Utilities.Core (17.8.3)
      Microsoft.Build.Framework (>= 17.8.3)
      Microsoft.NET.StringTools (>= 17.8.3)
      Microsoft.Win32.Registry (>= 5.0)
      System.Collections.Immutable (>= 7.0)
      System.Configuration.ConfigurationManager (>= 7.0)
      System.Memory (>= 4.5.5)
      System.Runtime.CompilerServices.Unsafe (>= 6.0)
      System.Security.Principal.Windows (>= 5.0)
      System.Text.Encoding.CodePages (>= 7.0)
    Microsoft.NET.StringTools (17.9.5)
      System.Memory (>= 4.5.5)
      System.Runtime.CompilerServices.Unsafe (>= 6.0)
    Microsoft.Win32.Registry (5.0)
      System.Security.AccessControl (>= 5.0)
      System.Security.Principal.Windows (>= 5.0)
    Mono.Posix.NETStandard (1.0)
    MSBuild.StructuredLogger (2.2.169)
      Microsoft.Build.Framework (>= 17.5)
      Microsoft.Build.Utilities.Core (>= 17.5)
    Newtonsoft.Json (13.0.3)
    NuGet.Common (6.8)
      NuGet.Frameworks (>= 6.8)
    NuGet.Configuration (6.8)
      NuGet.Common (>= 6.8)
      System.Security.Cryptography.ProtectedData (>= 4.4)
    NuGet.Frameworks (6.8)
    NuGet.Packaging (6.8)
      Newtonsoft.Json (>= 13.0.3)
      NuGet.Configuration (>= 6.8)
      NuGet.Versioning (>= 6.8)
      System.Security.Cryptography.Pkcs (>= 6.0.4)
    NuGet.Protocol (6.8)
      NuGet.Packaging (>= 6.8)
    NuGet.Versioning (6.8)
    Octokit (9.1.2)
    System.Collections.Immutable (8.0)
      System.Runtime.CompilerServices.Unsafe (>= 6.0)
    System.Configuration.ConfigurationManager (8.0)
      System.Security.Cryptography.ProtectedData (>= 8.0)
    System.Formats.Asn1 (8.0)
    System.Memory (4.5.5)
    System.Reactive (5.0)
    System.Runtime.CompilerServices.Unsafe (6.0)
    System.Security.AccessControl (6.0)
    System.Security.Cryptography.Pkcs (8.0)
      System.Formats.Asn1 (>= 8.0)
    System.Security.Cryptography.ProtectedData (8.0)
    System.Security.Principal.Windows (5.0)
    System.Text.Encoding.CodePages (8.0)
      System.Runtime.CompilerServices.Unsafe (>= 6.0)
