STORAGE: NONE
RESTRICTION: || (== net8.0) (== netstandard2.0)
NUGET
  remote: https://api.nuget.org/v3/index.json
    Fable.Browser.Blob (1.4)
      Fable.Core (>= 3.2.8)
      FSharp.Core (>= 4.7.2)
    Fable.Browser.Dom (2.18)
      Fable.Browser.Blob (>= 1.4)
      Fable.Browser.Event (>= 1.7)
      Fable.Browser.WebStorage (>= 1.3)
      Fable.Core (>= 3.2.8)
      FSharp.Core (>= 4.7.2)
    Fable.Browser.Event (1.7)
      Fable.Browser.Gamepad (>= 1.3)
      Fable.Core (>= 3.2.8)
      FSharp.Core (>= 4.7.2)
    Fable.Browser.Gamepad (1.3)
      Fable.Core (>= 3.2.8)
      FSharp.Core (>= 4.7.2)
    Fable.Browser.WebStorage (1.3)
      Fable.Browser.Event (>= 1.6)
      Fable.Core (>= 3.2.8)
      FSharp.Core (>= 4.7.2)
    Fable.Core (4.3)
    Fable.Node (1.5)
      Fable.Core (>= 3.1.2)
      FSharp.Core (>= 5.0.2)
    Fable.Promise (3.2)
      Fable.Core (>= 3.7.1)
      FSharp.Core (>= 4.7.2)
    Fable.Remoting.AspNetCore (2.40)
      Fable.Remoting.Server (>= 5.39)
      FSharp.Core (>= 6.0)
      Microsoft.AspNetCore.Http.Abstractions (>= 2.2)
      Microsoft.IO.RecyclableMemoryStream (>= 3.0 < 4.0)
    Fable.Remoting.Json (2.25)
      FSharp.Core (>= 6.0)
      Newtonsoft.Json (>= 13.0.3)
    Fable.Remoting.MsgPack (1.24)
      FSharp.Core (>= 4.7.2)
    Fable.Remoting.Server (5.39)
      Fable.Remoting.Json (>= 2.25)
      Fable.Remoting.MsgPack (>= 1.24)
      FSharp.Core (>= 6.0)
      Microsoft.IO.RecyclableMemoryStream (>= 3.0 < 4.0)
    FSharp.Core (9.0.101)
    FsUnit (7.0.1)
      FSharp.Core (>= 5.0.2)
      NUnit (>= 4.0.1)
    Microsoft.AspNetCore.Http.Abstractions (2.3)
      Microsoft.AspNetCore.Http.Features (>= 2.3)
      System.Text.Encodings.Web (>= 8.0)
    Microsoft.AspNetCore.Http.Features (5.0.17)
      Microsoft.Extensions.Primitives (>= 5.0.1)
      System.IO.Pipelines (>= 5.0.2)
    Microsoft.CodeCoverage (17.12) - restriction: || (== net8.0) (&& (== netstandard2.0) (>= net462)) (&& (== netstandard2.0) (>= netcoreapp3.1))
    Microsoft.Extensions.Primitives (9.0.1)
      System.Memory (>= 4.5.5) - restriction: || (&& (== net8.0) (>= net462)) (== netstandard2.0)
      System.Runtime.CompilerServices.Unsafe (>= 6.0) - restriction: || (&& (== net8.0) (>= net462)) (== netstandard2.0)
    Microsoft.IO.RecyclableMemoryStream (3.0.1)
      System.Memory (>= 4.5.5) - restriction: || (&& (== net8.0) (< netstandard2.1)) (== netstandard2.0)
    Microsoft.NET.Test.Sdk (17.12)
      Microsoft.CodeCoverage (>= 17.12) - restriction: || (== net8.0) (&& (== netstandard2.0) (>= net462)) (&& (== netstandard2.0) (>= netcoreapp3.1))
      Microsoft.TestPlatform.TestHost (>= 17.12) - restriction: || (== net8.0) (&& (== netstandard2.0) (>= netcoreapp3.1))
    Microsoft.TestPlatform.ObjectModel (17.12) - restriction: || (== net8.0) (&& (== netstandard2.0) (>= netcoreapp3.1))
      System.Reflection.Metadata (>= 1.6)
    Microsoft.TestPlatform.TestHost (17.12) - restriction: || (== net8.0) (&& (== netstandard2.0) (>= netcoreapp3.1))
      Microsoft.TestPlatform.ObjectModel (>= 17.12) - restriction: || (== net8.0) (&& (== netstandard2.0) (>= netcoreapp3.1))
      Newtonsoft.Json (>= 13.0.1) - restriction: || (== net8.0) (&& (== netstandard2.0) (>= netcoreapp3.1))
    Newtonsoft.Json (13.0.3)
    NUnit (4.3.2)
    NUnit3TestAdapter (4.6)
    System.Buffers (4.6) - restriction: == netstandard2.0
    System.Collections.Immutable (9.0.1) - restriction: || (== net8.0) (&& (== netstandard2.0) (>= net8.0)) (&& (== netstandard2.0) (>= netcoreapp3.1))
    System.IO.Packaging (9.0.1)
      System.Memory (>= 4.5.5) - restriction: == netstandard2.0
    System.IO.Pipelines (9.0.1)
      System.Buffers (>= 4.5.1) - restriction: || (&& (== net8.0) (>= net462)) (== netstandard2.0)
      System.Memory (>= 4.5.5) - restriction: || (&& (== net8.0) (>= net462)) (== netstandard2.0)
      System.Threading.Tasks.Extensions (>= 4.5.4) - restriction: || (&& (== net8.0) (>= net462)) (== netstandard2.0)
    System.Memory (4.6) - restriction: == netstandard2.0
      System.Buffers (>= 4.6) - restriction: || (&& (== net8.0) (>= net462)) (&& (== net8.0) (< netcoreapp2.1)) (== netstandard2.0)
      System.Numerics.Vectors (>= 4.6) - restriction: || (&& (== net8.0) (>= net462)) (&& (== net8.0) (< netcoreapp2.1)) (== netstandard2.0)
      System.Runtime.CompilerServices.Unsafe (>= 6.1) - restriction: || (&& (== net8.0) (>= net462)) (&& (== net8.0) (< netcoreapp2.1)) (== netstandard2.0)
    System.Numerics.Vectors (4.6) - restriction: == netstandard2.0
    System.Reflection.Metadata (9.0.1) - restriction: || (== net8.0) (&& (== netstandard2.0) (>= netcoreapp3.1))
      System.Collections.Immutable (>= 9.0.1)
    System.Runtime.CompilerServices.Unsafe (6.1) - restriction: == netstandard2.0
    System.Text.Encodings.Web (9.0.1)
      System.Buffers (>= 4.5.1) - restriction: || (&& (== net8.0) (>= net462)) (== netstandard2.0)
      System.Memory (>= 4.5.5) - restriction: || (&& (== net8.0) (>= net462)) (== netstandard2.0)
      System.Runtime.CompilerServices.Unsafe (>= 6.0) - restriction: || (&& (== net8.0) (>= net462)) (== netstandard2.0)
    System.Threading.Tasks.Extensions (4.6) - restriction: || (&& (== net8.0) (>= net462)) (== netstandard2.0)
      System.Runtime.CompilerServices.Unsafe (>= 6.1) - restriction: || (&& (== net8.0) (>= net462)) (&& (== net8.0) (< netcoreapp2.1)) (== netstandard2.0)
GITHUB
  remote: ionide/ionide-vscode-helpers
    src/Fable.Import.VSCode.fs (8e81bc03f11f07b8e0811b3d4598eadc78f32f2f)
    src/Helpers.fs (8e81bc03f11f07b8e0811b3d4598eadc78f32f2f)